PATH
  remote: .
  specs:
    gglog (0.0.3)
      bundler (>= 1.2)
      pager
      rainbow
      rroonga (>= 2.1.0)
      rugged (>= 0.16.0)
      thor (>= 0.16.0)

GEM
  remote: http://rubygems.org/
  specs:
    archive-zip (0.6.0)
      io-like (>= 0.3.0)
    aruba (0.5.4)
      childprocess (>= 0.3.6)
      cucumber (>= 1.1.1)
      rspec-expectations (>= 2.7.0)
    builder (3.2.2)
    childprocess (0.4.2)
      ffi (~> 1.0, >= 1.0.11)
    cucumber (1.3.10)
      builder (>= 2.1.2)
      diff-lcs (>= 1.1.3)
      gherkin (~> 2.12)
      multi_json (>= 1.7.5, < 2.0)
      multi_test (>= 0.0.2)
    diff-lcs (1.2.5)
    ffi (1.9.3)
    gherkin (2.12.2)
      multi_json (~> 1.3)
    gqtp (1.0.5)
    groonga-client (0.0.4)
      gqtp (>= 1.0.4)
      groonga-command (>= 1.0.4)
    groonga-command (1.0.6)
      json
    io-like (0.3.0)
    json (1.8.1)
    multi_json (1.8.4)
    multi_test (0.0.3)
    pager (1.0.1)
    pkg-config (1.1.5)
    rainbow (2.0.0)
    rake (10.1.1)
    rroonga (4.0.0)
      archive-zip
      groonga-client (>= 0.0.3)
      json
      pkg-config
    rspec (2.14.1)
      rspec-core (~> 2.14.0)
      rspec-expectations (~> 2.14.0)
      rspec-mocks (~> 2.14.0)
    rspec-core (2.14.7)
    rspec-expectations (2.14.5)
      diff-lcs (>= 1.1.3, < 2.0)
    rspec-mocks (2.14.5)
    rugged (0.19.0)
    thor (0.18.1)

PLATFORMS
  ruby

DEPENDENCIES
  aruba
  cucumber
  gglog!
  rake
  rspec
